PATH
  remote: .
  specs:
    sword2ruby (1.0.0)
      atom-tools (~> 2.0.5)
      hpricot (~> 0.8.3)

GEM
  remote: http://rubygems.org/
  specs:
    atom-tools (2.0.5)
    diff-lcs (1.1.3)
    hpricot (0.8.6)
    rake (0.9.2.2)
    rspec (2.9.0)
      rspec-core (~> 2.9.0)
      rspec-expectations (~> 2.9.0)
      rspec-mocks (~> 2.9.0)
    rspec-core (2.9.0)
    rspec-expectations (2.9.1)
      diff-lcs (~> 1.1.3)
    rspec-mocks (2.9.0)

PLATFORMS
  ruby

DEPENDENCIES
  rake
  rspec (~> 2.8)
  sword2ruby!
